PATH
  remote: .
  specs:
    terrafying_components (1.1.0)
      netaddr (~> 1.5)
      terrafying (~> 1)
      xxhash (~> 0.4.0)

GEM
  remote: https://rubygems.org/
  specs:
    aws-sdk (2.11.11)
      aws-sdk-resources (= 2.11.11)
    aws-sdk-core (2.11.11)
      aws-sigv4 (~> 1.0)
      jmespath (~> 1.0)
    aws-sdk-resources (2.11.11)
      aws-sdk-core (= 2.11.11)
    aws-sigv4 (1.0.2)
    deep_merge (1.1.1)
    diff-lcs (1.3)
    jmespath (1.3.1)
    netaddr (1.5.1)
    rake (10.5.0)
    rspec (3.7.0)
      rspec-core (~> 3.7.0)
      rspec-expectations (~> 3.7.0)
      rspec-mocks (~> 3.7.0)
    rspec-core (3.7.1)
      rspec-support (~> 3.7.0)
    rspec-expectations (3.7.0)
      diff-lcs (>= 1.2.0, < 2.0)
      rspec-support (~> 3.7.0)
    rspec-mocks (3.7.0)
      diff-lcs (>= 1.2.0, < 2.0)
      rspec-support (~> 3.7.0)
    rspec-support (3.7.1)
    terrafying (1.3.3)
      aws-sdk (~> 2)
      deep_merge (~> 1.1.1)
      netaddr (~> 1.5)
      thor (~> 0.19.1)
      xxhash (~> 0.4.0)
    thor (0.19.4)
    xxhash (0.4.0)

PLATFORMS
  ruby

DEPENDENCIES
  bundler (~> 1.11)
  rake (~> 10.0)
  rspec (~> 3.7)
  rspec-mocks (~> 3.7)
  terrafying_components!

BUNDLED WITH
   1.16.0
