PATH
  remote: .
  specs:
    terrafying-components (0.0.0)
      netaddr (~> 1.5)
      terrafying (~> 1)
      xxhash (~> 0.4.0)

GEM
  remote: https://rubygems.org/
  specs:
    aws-eventstream (1.0.0)
    aws-partitions (1.87.0)
    aws-sdk-autoscaling (1.5.0)
      aws-sdk-core (~> 3)
      aws-sigv4 (~> 1.0)
    aws-sdk-core (3.21.2)
      aws-eventstream (~> 1.0)
      aws-partitions (~> 1.0)
      aws-sigv4 (~> 1.0)
      jmespath (~> 1.0)
    aws-sdk-dynamodb (1.6.0)
      aws-sdk-core (~> 3)
      aws-sigv4 (~> 1.0)
    aws-sdk-ec2 (1.34.0)
      aws-sdk-core (~> 3)
      aws-sigv4 (~> 1.0)
    aws-sdk-elasticloadbalancingv2 (1.8.0)
      aws-sdk-core (~> 3)
      aws-sigv4 (~> 1.0)
    aws-sdk-kms (1.5.0)
      aws-sdk-core (~> 3)
      aws-sigv4 (~> 1.0)
    aws-sdk-route53 (1.9.0)
      aws-sdk-core (~> 3)
      aws-sigv4 (~> 1.0)
    aws-sdk-s3 (1.13.0)
      aws-sdk-core (~> 3, >= 3.21.2)
      aws-sdk-kms (~> 1)
      aws-sigv4 (~> 1.0)
    aws-sigv4 (1.0.2)
    deep_merge (1.1.1)
    diff-lcs (1.3)
    jmespath (1.4.0)
    netaddr (1.5.1)
    rake (10.5.0)
    rspec (3.7.0)
      rspec-core (~> 3.7.0)
      rspec-expectations (~> 3.7.0)
      rspec-mocks (~> 3.7.0)
    rspec-core (3.7.1)
      rspec-support (~> 3.7.0)
    rspec-expectations (3.7.0)
      diff-lcs (>= 1.2.0, < 2.0)
      rspec-support (~> 3.7.0)
    rspec-mocks (3.7.0)
      diff-lcs (>= 1.2.0, < 2.0)
      rspec-support (~> 3.7.0)
    rspec-support (3.7.1)
    terrafying (1.4.2)
      aws-sdk-autoscaling (~> 1)
      aws-sdk-core (~> 3)
      aws-sdk-dynamodb (~> 1)
      aws-sdk-ec2 (~> 1)
      aws-sdk-elasticloadbalancingv2 (~> 1)
      aws-sdk-route53 (~> 1)
      aws-sdk-s3 (~> 1)
      deep_merge (~> 1.1.1)
      netaddr (~> 1.5)
      thor (~> 0.19.1)
      xxhash (~> 0.4.0)
    thor (0.19.4)
    xxhash (0.4.0)

PLATFORMS
  ruby

DEPENDENCIES
  bundler (~> 1.11)
  rake (~> 10.0)
  rspec (~> 3.7)
  rspec-mocks (~> 3.7)
  terrafying-components!

BUNDLED WITH
   1.16.1
